PATH
  remote: .
  specs:
    cdq (1.0.8)
      motion-yaml (= 1.4)
      ruby-xcdm (>= 0.0.9)

GEM
  remote: https://rubygems.org/
  specs:
    activesupport (4.2.11.1)
      i18n (~> 0.7)
      minitest (~> 5.1)
      thread_safe (~> 0.3, >= 0.3.4)
      tzinfo (~> 1.1)
    builder (3.2.3)
    concurrent-ruby (1.1.5)
    i18n (0.9.5)
      concurrent-ruby (~> 1.0)
    minitest (5.11.3)
    motion-stump (0.3.2)
    motion-yaml (1.4)
    plist (3.5.0)
    rake (12.3.3)
    ruby-xcdm (0.0.11)
      activesupport (~> 4.1)
      builder (~> 3.2)
      plist (~> 3.1)
    thread_safe (0.3.6)
    tzinfo (1.2.5)
      thread_safe (~> 0.1)

PLATFORMS
  ruby

DEPENDENCIES
  cdq!
  motion-stump
  rake

BUNDLED WITH
   1.17.3
